GEM
  remote: https://rubygems.org/
  specs:
    celluloid (0.12.4)
      facter (>= 1.6.12)
      timers (>= 1.0.0)
    connection_pool (1.0.0)
    facter (1.6.17)
    multi_json (1.5.0)
    rack (1.5.0)
    rack-protection (1.3.2)
      rack
    redis (3.0.2)
    redis-namespace (1.2.1)
      redis (~> 3.0.0)
    sidekiq (2.6.5)
      celluloid (~> 0.12.0)
      connection_pool (~> 1.0)
      multi_json (~> 1)
      redis (~> 3)
      redis-namespace
    sinatra (1.3.3)
      rack (~> 1.3, >= 1.3.6)
      rack-protection (~> 1.2)
      tilt (~> 1.3, >= 1.3.3)
    slim (1.3.6)
      temple (~> 0.5.5)
      tilt (~> 1.3.3)
    temple (0.5.5)
    tilt (1.3.3)
    timers (1.1.0)

PLATFORMS
  ruby

DEPENDENCIES
  sidekiq
  sinatra
  slim
